GEM
  remote: https://rubygems.org/
  specs:
    rack (3.0.2)
    rackup (0.2.3)
      rack (>= 3.0.0.beta1)
      webrick
    roda (3.62.0)
      rack
    webrick (1.7.0)

PLATFORMS
  arm64-darwin-21

DEPENDENCIES
  rackup (~> 0.2.3)
  roda (~> 3.62)

BUNDLED WITH
   2.3.17
